GIT
  remote: https://github.com/airbnb/nerve.git
  revision: 4a02eb7811c61de9455f1038875bf7289624df71
  specs:
    nerve (0.3.0)
      bunny (= 1.0.0.rc2)
      zk (~> 1.9.2)

GIT
  remote: https://github.com/airbnb/synapse.git
  revision: 48c393bf45c06908fef6e32afee5c4fe12ad001e
  specs:
    synapse (0.7.1)
      docker-api (~> 1.7.2)
      zk (~> 1.9.2)

GEM
  remote: https://rubygems.org/
  specs:
    amq-protocol (1.9.2)
    archive-tar-minitar (0.5.2)
    bunny (1.0.0.rc2)
      amq-protocol (>= 1.8.0)
    docker-api (1.7.6)
      archive-tar-minitar
      excon (>= 0.28)
      json
    excon (0.31.0)
    json (1.8.1)
    little-plugger (1.1.3)
    logging (1.7.2)
      little-plugger (>= 1.1.3)
    zk (1.9.2)
      logging (~> 1.7.2)
      zookeeper (~> 1.4.0)
    zookeeper (1.4.7)

PLATFORMS
  ruby

DEPENDENCIES
  nerve!
  synapse!
