GIT
  remote: https://github.com/airbnb/nerve.git
  revision: c910e06563961b836181d52aa5e58d8d42447e5b
  specs:
    nerve (0.5.3)
      bunny (= 1.1.0)
      etcd (~> 0.2.3)
      json
      zk (~> 1.9.2)

GIT
  remote: https://github.com/airbnb/synapse.git
  revision: 55af65e0b7472da536fe033fb5cae899efc3b1f5
  specs:
    synapse (0.9.1)
      docker-api (~> 1.7.2)
      zk (~> 1.9.2)

GEM
  remote: https://rubygems.org/
  specs:
    amq-protocol (1.9.2)
    archive-tar-minitar (0.5.2)
    bunny (1.1.0)
      amq-protocol (>= 1.9.2)
    docker-api (1.7.6)
      archive-tar-minitar
      excon (>= 0.28)
      json
    etcd (0.2.3)
      mixlib-log
    excon (0.33.0)
    json (1.8.1)
    little-plugger (1.1.3)
    logging (1.8.2)
      little-plugger (>= 1.1.3)
      multi_json (>= 1.8.4)
    mixlib-log (1.6.0)
    multi_json (1.9.2)
    zk (1.9.4)
      logging (~> 1.8.2)
      zookeeper (~> 1.4.0)
    zookeeper (1.4.8)

PLATFORMS
  ruby

DEPENDENCIES
  nerve!
  synapse!
